{
  "CapManufacturer": "neuroscan",
  "CapManufacturersModelName": "neuroscan",
  "CogAtlasID": "https://cognitiveatlas.org/task/id/tsk_4a57abb949879",
  "CogPOID": "http://www.cogpo.org/ontologies/CogPOver1.owl#COGPO_00132",
  "DeviceSerialNumber": "n/a",
  "ECGChannelCount": 0,
  "EEGChannelCount": 62,
  "EEGGround": "n/a",
  "EEGPlacementScheme": "based on the extended 10/20 system",
  "EEGReference": "n/a",
  "EMGChannelCount": 0,
  "EOGChannelCount": 2,
  "EpochLength": 0,
  "HardwareFilters": {
    "Highpass filter": {
      "Half amplitude cutoff (Hz)": 0.0
    },
    "Lowpass filter": {
      "Half amplitude cutoff (Hz)": 250
    }
  },
  "HeadCircumference": 58,
  "InstitutionAddress": "Beijing, China",
  "InstitutionName": "Beijing Normal University",
  "InstitutionalDepartmentName": "State Key Laboratory of Cognitive Neuroscience and Learning & IDG/McGovern Institute for Brain Research, Beijing Normal University",
  "Instructions": "Please keep your eyes on the central dot on the screen during the experiment, and judge whether the object in the image is animate or inanimate. Press the left key for animate and the right key for inanimate as quickly as possible after the image disappears. Press the left key to start the experiment when you are ready.",
  "Manufacturer": "n/a",
  "ManufacturersModelName": "NeuroScan",
  "MiscChannelCount": 0,
  "PowerLineFrequency": 50.0,
  "RecordingDuration": 191.665,
  "RecordingType": "continuous",
  "SamplingFrequency": 1000.0,
  "SoftwareFilters": "n/a",
  "SoftwareVersions": "Curry9",
  "SubjectArtefactDescription": "n/a",
  "TaskDescription": "watching images from ImageNet, and judge whether the image is animacy or not",
  "TaskName": "ImageNet",
  "TriggerChannelCount": 0
}